GEM
  remote: https://rubygems.org/
  specs:
    builder (3.2.2)
    coderay (1.1.0)
    diff-lcs (1.2.5)
    excon (0.31.0)
    fog (1.19.0)
      builder
      excon (~> 0.31.0)
      formatador (~> 0.2.0)
      mime-types
      multi_json (~> 1.0)
      net-scp (~> 1.1)
      net-ssh (>= 2.1.3)
      nokogiri (~> 1.5)
      ruby-hmac
    formatador (0.2.4)
    kwalify (0.7.2)
    method_source (0.8.2)
    mime-types (1.25.1)
    multi_json (1.8.4)
    net-scp (1.1.2)
      net-ssh (>= 2.6.5)
    net-ssh (2.8.0)
    nokogiri (1.5.11)
    pry (0.9.12.6)
      coderay (~> 1.0)
      method_source (~> 0.8)
      slop (~> 3.4)
    rbvmomi (1.8.1)
      builder
      nokogiri (>= 1.4.1)
      trollop
    rspec (2.14.1)
      rspec-core (~> 2.14.0)
      rspec-expectations (~> 2.14.0)
      rspec-mocks (~> 2.14.0)
    rspec-core (2.14.7)
    rspec-expectations (2.14.5)
      diff-lcs (>= 1.1.3, < 2.0)
    rspec-mocks (2.14.5)
    rspec-system (2.8.0)
      fog (~> 1.18)
      kwalify (~> 0.7.2)
      mime-types (~> 1.16)
      net-scp (~> 1.1)
      net-ssh (~> 2.7)
      nokogiri (~> 1.5.10)
      rbvmomi (~> 1.6)
      rspec (~> 2.14)
      systemu (~> 2.5)
    ruby-hmac (0.4.0)
    slop (3.4.7)
    systemu (2.6.0)
    trollop (2.0)

PLATFORMS
  ruby

DEPENDENCIES
  pry (= 0.9.12.6)
  rspec (= 2.14.1)
  rspec-system (= 2.8.0)
